PATH
  remote: .
  specs:
    skype-call-detect (0.1.1)

GEM
  remote: https://rubygems.org/
  specs:
    rake (10.5.0)

PLATFORMS
  ruby

DEPENDENCIES
  bundler (~> 1.17)
  rake (~> 10.0)
  skype-call-detect!

BUNDLED WITH
   1.17.2
